NUGET
  remote: https://www.nuget.org/api/v2
  specs:
    FParsec (1.0.2) - framework: >= net451
    FSharp.Compiler.Service (3.0) - framework: >= net451
    NUnit (2.6.4) - framework: >= net35
